GIT
  remote: git://github.com/jpstroop/osullivan.git
  revision: 41660b1711e2950e66ee016534b014e8a3c9af28
  tag: v0.0.1
  specs:
    osullivan (0.0.1.pre.dev)
      activesupport (~> 4.1)
      faraday (~> 0.9.0)
      json

GIT
  remote: git://github.com/kevinreiss/openseadragon-rails.git
  revision: 11b8d2935cb0992f834890ecf8026bd3be259336
  specs:
    openseadragon (0.0.9)
      rails (> 3.2.0)

GEM
  remote: https://rubygems.org/
  remote: https://rails-assets.org/
  specs:
    actionmailer (4.2.0)
      actionpack (= 4.2.0)
      actionview (= 4.2.0)
      activejob (= 4.2.0)
      mail (~> 2.5, >= 2.5.4)
      rails-dom-testing (~> 1.0, >= 1.0.5)
    actionpack (4.2.0)
      actionview (= 4.2.0)
      activesupport (= 4.2.0)
      rack (~> 1.6.0)
      rack-test (~> 0.6.2)
      rails-dom-testing (~> 1.0, >= 1.0.5)
      rails-html-sanitizer (~> 1.0, >= 1.0.1)
    actionview (4.2.0)
      activesupport (= 4.2.0)
      builder (~> 3.1)
      erubis (~> 2.7.0)
      rails-dom-testing (~> 1.0, >= 1.0.5)
      rails-html-sanitizer (~> 1.0, >= 1.0.1)
    activejob (4.2.0)
      activesupport (= 4.2.0)
      globalid (>= 0.3.0)
    activemodel (4.2.0)
      activesupport (= 4.2.0)
      builder (~> 3.1)
    activerecord (4.2.0)
      activemodel (= 4.2.0)
      activesupport (= 4.2.0)
      arel (~> 6.0)
    activesupport (4.2.0)
      i18n (~> 0.7)
      json (~> 1.7, >= 1.7.7)
      minitest (~> 5.1)
      thread_safe (~> 0.3, >= 0.3.4)
      tzinfo (~> 1.1)
    addressable (2.3.7)
    arel (6.0.0)
    autoprefixer-rails (5.1.7)
      execjs
      json
    bcrypt (3.1.10)
    binding_of_caller (0.7.2)
      debug_inspector (>= 0.0.1)
    bitters (1.0.0)
      bourbon (>= 3.2)
      sass (>= 3.2)
      thor
    blacklight (5.9.3)
      bootstrap-sass (~> 3.2)
      deprecation
      kaminari (~> 0.13)
      nokogiri (~> 1.6)
      rails (>= 3.2.6, < 5)
      rsolr (~> 1.0.6)
    blacklight-gallery (0.1.2)
      blacklight (~> 5.0)
      bootstrap-sass (~> 3.0)
      openseadragon (>= 0.0.9)
      rails
    blacklight_range_limit (5.0.3)
      blacklight (>= 5.0.0.pre4, < 6)
      jquery-rails
      rails (>= 3.0, < 5.0)
    bootstrap-sass (3.3.3)
      autoprefixer-rails (>= 5.0.0.1)
      sass (>= 3.2.19)
    bourbon (4.2.0)
      sass (~> 3.4)
      thor
    breakpoint (2.5.0)
      sass (~> 3.3)
      sassy-maps (< 1.0.0)
    builder (3.2.2)
    capistrano (3.3.5)
      capistrano-stats (~> 1.1.0)
      i18n
      rake (>= 10.0.0)
      sshkit (~> 1.3)
    capistrano-bundler (1.1.4)
      capistrano (~> 3.1)
      sshkit (~> 1.2)
    capistrano-passenger (0.0.2)
      capistrano (~> 3.0)
    capistrano-rails (1.1.2)
      capistrano (~> 3.1)
      capistrano-bundler (~> 1.1)
    capistrano-stats (1.1.1)
    capybara (2.4.4)
      mime-types (>= 1.16)
      nokogiri (>= 1.3.3)
      rack (>= 1.0.0)
      rack-test (>= 0.5.4)
      xpath (~> 2.0)
    childprocess (0.5.5)
      ffi (~> 1.0, >= 1.0.11)
    chunky_png (1.3.4)
    coffee-rails (4.0.1)
      coffee-script (>= 2.2.0)
      railties (>= 4.0.0, < 5.0)
    coffee-script (2.3.0)
      coffee-script-source
      execjs
    coffee-script-source (1.9.1)
    colorize (0.7.5)
    compass (1.0.3)
      chunky_png (~> 1.2)
      compass-core (~> 1.0.2)
      compass-import-once (~> 1.0.5)
      rb-fsevent (>= 0.9.3)
      rb-inotify (>= 0.9)
      sass (>= 3.3.13, < 3.5)
    compass-core (1.0.3)
      multi_json (~> 1.0)
      sass (>= 3.3.0, < 3.5)
    compass-import-once (1.0.5)
      sass (>= 3.2, < 3.5)
    compass-rails (2.0.4)
      compass (~> 1.0.0)
      sass-rails (<= 5.0.1)
      sprockets (< 2.13)
    coveralls (0.7.10)
      multi_json (~> 1.10)
      rest-client (>= 1.6.8, < 2)
      simplecov (~> 0.9.1)
      term-ansicolor (~> 1.3)
      thor (~> 0.19.1)
    crack (0.4.2)
      safe_yaml (~> 1.0.0)
    debug_inspector (0.0.2)
    deprecation (0.1.0)
      activesupport
    devise (3.4.1)
      bcrypt (~> 3.0)
      orm_adapter (~> 0.1)
      railties (>= 3.2.6, < 5)
      responders
      thread_safe (~> 0.1)
      warden (~> 1.2.3)
    devise-guests (0.3.3)
      devise
    diff-lcs (1.2.5)
    docile (1.1.5)
    ebnf (0.3.6)
      haml (~> 4.0)
      rdf (~> 1.1)
      sxp (~> 0.1, >= 0.1.3)
    erubis (2.7.0)
    execjs (2.3.0)
    faraday (0.9.1)
      multipart-post (>= 1.2, < 3)
    ffi (1.9.6)
    globalid (0.3.3)
      activesupport (>= 4.1.0)
    haml (4.0.6)
      tilt
    high_voltage (2.2.1)
    hike (1.2.3)
    htmlentities (4.3.3)
    i18n (0.7.0)
    jbuilder (2.2.8)
      activesupport (>= 3.0.0, < 5)
      multi_json (~> 1.2)
    jettywrapper (1.8.3)
      activesupport (>= 3.0.0)
      childprocess
      i18n
      logger
    jquery-rails (4.0.3)
      rails-dom-testing (~> 1.0)
      railties (>= 4.2.0)
      thor (>= 0.14, < 2.0)
    json (1.8.2)
    kaminari (0.16.3)
      actionpack (>= 3.0.0)
      activesupport (>= 3.0.0)
    libv8 (3.16.14.7)
    link_header (0.0.8)
    logger (1.2.8)
    loofah (2.0.1)
      nokogiri (>= 1.5.9)
    mail (2.6.3)
      mime-types (>= 1.16, < 3)
    mail_form (1.5.0)
      actionmailer (>= 3.2, < 5)
      activemodel (>= 3.2, < 5)
    mime-types (2.4.3)
    mini_portile (0.6.2)
    minitest (5.5.1)
    multi_json (1.10.1)
    multipart-post (2.0.0)
    mysql2 (0.3.18)
    net-scp (1.2.1)
      net-ssh (>= 2.6.5)
    net-ssh (2.9.2)
    netrc (0.10.2)
    nokogiri (1.6.6.2)
      mini_portile (~> 0.6.0)
    orm_adapter (0.5.0)
    rack (1.6.0)
    rack-test (0.6.3)
      rack (>= 1.0)
    rails (4.2.0)
      actionmailer (= 4.2.0)
      actionpack (= 4.2.0)
      actionview (= 4.2.0)
      activejob (= 4.2.0)
      activemodel (= 4.2.0)
      activerecord (= 4.2.0)
      activesupport (= 4.2.0)
      bundler (>= 1.3.0, < 2.0)
      railties (= 4.2.0)
      sprockets-rails
    rails-assets-doc-ready (1.0.4)
      rails-assets-eventie (>= 1, < 2)
    rails-assets-eventEmitter (4.2.11)
    rails-assets-eventie (1.0.6)
    rails-assets-font-awesome (4.3.0)
    rails-assets-get-size (1.2.2)
      rails-assets-get-style-property (~> 1.0)
    rails-assets-get-style-property (1.0.4)
    rails-assets-imagesloaded (3.1.8)
      rails-assets-eventEmitter (~> 4.0)
      rails-assets-eventie (>= 1.0.4, < 2)
    rails-assets-masonry (3.2.2)
      rails-assets-get-size (>= 1.1.4, < 1.3)
      rails-assets-outlayer (~> 1.3.0)
    rails-assets-matches-selector (1.0.2)
    rails-assets-modernizr (2.8.3)
    rails-assets-outlayer (1.3.0)
      rails-assets-doc-ready (~> 1.0.0)
      rails-assets-eventEmitter (>= 4.2, < 5)
      rails-assets-eventie (~> 1.0.3)
      rails-assets-get-size (>= 1.1.4, < 1.3)
      rails-assets-get-style-property (~> 1.0)
      rails-assets-matches-selector (~> 1.0)
    rails-deprecated_sanitizer (1.0.3)
      activesupport (>= 4.2.0.alpha)
    rails-dom-testing (1.0.5)
      activesupport (>= 4.2.0.beta, < 5.0)
      nokogiri (~> 1.6.0)
      rails-deprecated_sanitizer (>= 1.0.1)
    rails-html-sanitizer (1.0.1)
      loofah (~> 2.0)
    railties (4.2.0)
      actionpack (= 4.2.0)
      activesupport (= 4.2.0)
      rake (>= 0.8.7)
      thor (>= 0.18.1, < 2.0)
    rake (10.4.2)
    rb-fsevent (0.9.4)
    rb-inotify (0.9.5)
      ffi (>= 0.5.0)
    rdf (1.1.8)
      link_header (~> 0.0, >= 0.0.8)
    rdf-aggregate-repo (1.1.0)
      rdf (>= 1.1)
    rdf-rdfa (1.1.5)
      haml (~> 4.0)
      htmlentities (~> 4.3)
      rdf (~> 1.1, >= 1.1.6)
      rdf-aggregate-repo
      rdf-xsd (~> 1.1)
    rdf-rdfxml (1.1.3)
      htmlentities (~> 4.3)
      rdf (~> 1.1, >= 1.1.6)
      rdf-rdfa (~> 1.1, >= 1.1.4.1)
      rdf-xsd (~> 1.1)
    rdf-turtle (1.1.5)
      ebnf (~> 0.3, >= 0.3.6)
      rdf (~> 1.1, >= 1.1.4)
    rdf-xsd (1.1.2)
      rdf (~> 1.1)
    rdoc (4.2.0)
      json (~> 1.4)
    ref (1.0.5)
    responders (2.1.0)
      railties (>= 4.2.0, < 5)
    rest-client (1.7.3)
      mime-types (>= 1.16, < 3.0)
      netrc (~> 0.7)
    rsolr (1.0.10)
      builder (>= 2.1.2)
    rspec-core (3.2.0)
      rspec-support (~> 3.2.0)
    rspec-expectations (3.2.0)
      diff-lcs (>= 1.2.0, < 2.0)
      rspec-support (~> 3.2.0)
    rspec-mocks (3.2.0)
      diff-lcs (>= 1.2.0, < 2.0)
      rspec-support (~> 3.2.0)
    rspec-rails (3.2.0)
      actionpack (>= 3.0, <= 4.2)
      activesupport (>= 3.0, <= 4.2)
      railties (>= 3.0, <= 4.2)
      rspec-core (~> 3.2.0)
      rspec-expectations (~> 3.2.0)
      rspec-mocks (~> 3.2.0)
      rspec-support (~> 3.2.0)
    rspec-support (3.2.1)
    safe_yaml (1.0.4)
    sass (3.4.12)
    sass-rails (5.0.1)
      railties (>= 4.0.0, < 5.0)
      sass (~> 3.1)
      sprockets (>= 2.8, < 4.0)
      sprockets-rails (>= 2.0, < 4.0)
      tilt (~> 1.1)
    sassy-maps (0.4.0)
      sass (~> 3.3)
    sdoc (0.4.1)
      json (~> 1.7, >= 1.7.7)
      rdoc (~> 4.0)
    simple_form (3.1.0)
      actionpack (~> 4.0)
      activemodel (~> 4.0)
    simplecov (0.9.2)
      docile (~> 1.1.0)
      multi_json (~> 1.0)
      simplecov-html (~> 0.9.0)
    simplecov-html (0.9.0)
    singularitygs (1.5.1)
      breakpoint (~> 2.4)
      sass (~> 3.3)
    spring (1.3.3)
    sprockets (2.12.3)
      hike (~> 1.2)
      multi_json (~> 1.0)
      rack (~> 1.0)
      tilt (~> 1.1, != 1.3.0)
    sprockets-rails (2.2.4)
      actionpack (>= 3.0)
      activesupport (>= 3.0)
      sprockets (>= 2.8, < 4.0)
    sshkit (1.6.1)
      colorize (>= 0.7.0)
      net-scp (>= 1.1.2)
      net-ssh (>= 2.8.0)
    sxp (0.1.5)
    term-ansicolor (1.3.0)
      tins (~> 1.0)
    therubyracer (0.12.1)
      libv8 (~> 3.16.14.0)
      ref
    thor (0.19.1)
    thread_safe (0.3.4)
    tilt (1.4.1)
    tins (1.3.4)
    turbolinks (2.5.3)
      coffee-rails
    tzinfo (1.2.2)
      thread_safe (~> 0.1)
    uglifier (2.7.0)
      execjs (>= 0.3.0)
      json (>= 1.8.0)
    vcr (2.9.3)
    warden (1.2.3)
      rack (>= 1.0)
    web-console (2.0.0)
      activemodel (~> 4.0)
      binding_of_caller (>= 0.7.2)
      railties (~> 4.0)
      sprockets-rails (>= 2.0, < 4.0)
    webmock (1.20.4)
      addressable (>= 2.3.6)
      crack (>= 0.3.2)
    xpath (2.0.0)
      nokogiri (~> 1.3)

PLATFORMS
  ruby

DEPENDENCIES
  bitters
  blacklight
  blacklight-gallery
  blacklight_range_limit
  bourbon
  breakpoint
  bundler (>= 1.7.0)
  capistrano (~> 3.3.5)
  capistrano-bundler
  capistrano-passenger
  capistrano-rails
  capybara (~> 2.4.4)
  coffee-rails (~> 4.0.0)
  compass-rails
  coveralls
  devise
  devise-guests (~> 0.3)
  faraday (~> 0.9.0)
  high_voltage (~> 2.2.1)
  jbuilder (~> 2.0)
  jettywrapper (~> 1.7)
  jquery-rails
  mail_form
  mysql2
  nokogiri (~> 1.6.5)
  openseadragon!
  osullivan!
  rails (= 4.2.0)
  rails-assets-font-awesome!
  rails-assets-imagesloaded!
  rails-assets-masonry!
  rails-assets-modernizr!
  rdf-rdfxml (~> 1.1.3)
  rdf-turtle (~> 1.1.4)
  rsolr (~> 1.0.10)
  rspec-rails (~> 3.0)
  sass-rails
  sdoc (~> 0.4.0)
  simple_form
  singularitygs
  spring
  therubyracer
  turbolinks
  uglifier (>= 1.3.0)
  vcr (~> 2.9.3)
  web-console (~> 2.0)
  webmock
